GEM
  remote: https://rubygems.org/
  specs:
    net-ping (1.7.6)

PLATFORMS
  ruby

DEPENDENCIES
  net-ping
